GEM
  remote: https://rubygems.org/
  specs:
    colorize (0.8.1)
    gitlab (4.12.0)
      httparty (~> 0.14, >= 0.14.0)
      terminal-table (~> 1.5, >= 1.5.1)
    httparty (0.17.0)
      mime-types (~> 3.0)
      multi_xml (>= 0.5.2)
    mime-types (3.3)
      mime-types-data (~> 3.2015)
    mime-types-data (3.2019.0904)
    terminal-table (1.8.0)
      unicode-display_width (~> 1.1, >= 1.1.1)
    unicode-display_width (1.6.0)

PLATFORMS
  ruby

DEPENDENCIES
  colorize
  gitlab

RUBY VERSION
   ruby 2.6.4p104
BUNDLED WITH
   1.17.2
